PATH
  remote: ../../
  specs:
    calabash (2.0.0.pre4)
      awesome_print
      bundler (>= 1.3.0, < 2.0)
      clipboard
      edn (>= 1.0.6, < 2.0)
      escape (>= 0.0.4, < 1.0)
      geocoder (>= 1.1.8, < 2.0)
      httpclient (~> 2.6)
      json
      luffa
      rubyzip (~> 1.1)
      run_loop (>= 2.0.2, < 3.0)

GEM
  remote: https://rubygems.org/
  specs:
    CFPropertyList (2.3.2)
    awesome_print (1.6.1)
    builder (3.2.2)
    chronic (0.10.2)
    clipboard (1.0.6)
    coderay (1.1.0)
    command_runner_ng (0.1.0)
    cucumber (2.1.0)
      builder (>= 2.1.2)
      cucumber-core (~> 1.3.0)
      diff-lcs (>= 1.1.3)
      gherkin3 (~> 3.1.0)
      multi_json (>= 1.7.5, < 2.0)
      multi_test (>= 0.1.2)
    cucumber-core (1.3.1)
      gherkin3 (~> 3.1.0)
    diff-lcs (1.2.5)
    edn (1.1.0)
    escape (0.0.4)
    geocoder (1.2.13)
    gherkin3 (3.1.2)
    httpclient (2.7.0.1)
    json (1.8.3)
    luffa (1.1.0)
      awesome_print (~> 1.2)
      json (~> 1.8)
      retriable (>= 1.3.3.1, < 2.1)
      thor (~> 0.19)
    method_source (0.8.2)
    multi_json (1.11.2)
    multi_test (0.1.2)
    pry (0.10.3)
      coderay (~> 1.1.0)
      method_source (~> 0.8.1)
      slop (~> 3.4)
    pry-nav (0.2.4)
      pry (>= 0.9.10, < 0.11.0)
    retriable (2.0.2)
    rouge (1.10.1)
    rspec (3.4.0)
      rspec-core (~> 3.4.0)
      rspec-expectations (~> 3.4.0)
      rspec-mocks (~> 3.4.0)
    rspec-core (3.4.1)
      rspec-support (~> 3.4.0)
    rspec-expectations (3.4.0)
      diff-lcs (>= 1.2.0, < 2.0)
      rspec-support (~> 3.4.0)
    rspec-mocks (3.4.0)
      diff-lcs (>= 1.2.0, < 2.0)
      rspec-support (~> 3.4.0)
    rspec-support (3.4.1)
    rubyzip (1.1.7)
    run_loop (2.0.2)
      CFPropertyList (~> 2.2)
      awesome_print (~> 1.2)
      command_runner_ng (>= 0.0.2)
      json (~> 1.8)
      thor (>= 0.18.1, < 1.0)
    slop (3.6.0)
    slowhandcuke (0.0.3)
      cucumber
    thor (0.19.1)
    xcpretty (0.2.1)
      rouge (~> 1.8)

PLATFORMS
  ruby

DEPENDENCIES
  calabash!
  chronic (>= 0.10, < 1.0)
  cucumber (~> 2.0)
  luffa
  pry
  pry-nav
  rspec (~> 3.0)
  slowhandcuke (>= 0.0.3, < 1.0)
  xcpretty
